GEM
  remote: http://rubygems.org/
  specs:
    RedCloth (4.2.9)
    actionmailer (2.3.18)
      actionpack (= 2.3.18)
    actionpack (2.3.18)
      activesupport (= 2.3.18)
      rack (~> 1.1.0)
    activerecord (2.3.18)
      activesupport (= 2.3.18)
    activeresource (2.3.18)
      activesupport (= 2.3.18)
    activesupport (2.3.18)
    acts_as_ferret (0.4.8.2)
      jk-ferret (>= 0.11.8)
    andand (1.3.3)
    aws-s3 (0.6.3)
      builder
      mime-types
      xml-simple
    builder (3.2.2)
    cocaine (0.4.2)
    daemons (1.0.10)
    delayed_job (2.0.8)
      activesupport (~> 2.0)
      daemons (= 1.0.10)
    ferret (0.11.8.5)
    jk-ferret (0.11.8.3)
      rake
    jrails (0.6.0)
    mime-types (1.25.1)
    paperclip (2.3.16)
      activerecord (>= 2.3.0)
      activesupport (>= 2.3.2)
      cocaine (>= 0.0.2)
      mime-types
    pg (0.11.0)
    rack (1.1.6)
    rails (2.3.18)
      actionmailer (= 2.3.18)
      actionpack (= 2.3.18)
      activerecord (= 2.3.18)
      activeresource (= 2.3.18)
      activesupport (= 2.3.18)
      rake (>= 0.8.3)
    rake (10.1.0)
    rr (1.1.2)
    sqlite3-ruby (1.2.5)
    utility_scopes (0.3.1)
    will_paginate (2.3.16)
    xml-simple (1.1.2)

PLATFORMS
  ruby

DEPENDENCIES
  RedCloth
  acts_as_ferret (~> 0.4.8)
  andand
  aws-s3
  delayed_job (~> 2.0.5)
  ferret (~> 0.11.8.4)
  jrails
  mime-types (~> 1.25)
  paperclip (~> 2.3.16)
  pg
  rails (= 2.3.18)
  rr
  sqlite3-ruby (= 1.2.5)
  utility_scopes
  will_paginate (~> 2.3.16)
