GEM
  remote: http://rubygems.org/
  specs:
    RedCloth (4.2.3)
    actionmailer (2.3.4)
      actionpack (= 2.3.4)
    actionpack (2.3.4)
      activesupport (= 2.3.4)
      rack (~> 1.0.0)
    activerecord (2.3.4)
      activesupport (= 2.3.4)
    activeresource (2.3.4)
      activesupport (= 2.3.4)
    activesupport (2.3.4)
    acts_as_ferret (0.4.8.2)
      jk-ferret (>= 0.11.8)
    andand (1.3.1)
    aws-s3 (0.6.2)
      builder
      mime-types
      xml-simple
    builder (3.0.0)
    ferret (0.11.6)
      rake (> 0.0.0)
    hpricot (0.8.3)
    jk-ferret (0.11.8.2)
      rake
    jrails (0.6.0)
    mime-types (1.16)
    paperclip (2.3.8)
      activerecord
      activesupport
    rack (1.0.1)
    rails (2.3.4)
      actionmailer (= 2.3.4)
      actionpack (= 2.3.4)
      activerecord (= 2.3.4)
      activeresource (= 2.3.4)
      activesupport (= 2.3.4)
      rake (>= 0.8.3)
    rake (0.8.7)
    rdig (0.3.5)
      ferret (>= 0.10.0)
      hpricot (>= 0.6)
    rr (1.0.2)
    sqlite3-ruby (1.2.5)
    utility_scopes (0.3.1)
    will_paginate (2.3.15)
    xml-simple (1.0.12)

PLATFORMS
  ruby

DEPENDENCIES
  RedCloth
  acts_as_ferret (= 0.4.8.2)
  andand
  aws-s3
  jrails
  paperclip
  rails (= 2.3.4)
  rdig
  rr
  sqlite3-ruby (= 1.2.5)
  utility_scopes
  will_paginate
