GEM
  remote: http://rubygems.org/
  remote: http://rubygems.org/
  remote: http://gems.github.com/
  specs:
    RedCloth (4.2.3)
    aaronchi-jrails (0.5.1)
    actionmailer (2.3.4)
      actionpack (= 2.3.4)
    actionpack (2.3.4)
      activesupport (= 2.3.4)
      rack (~> 1.0.0)
    activerecord (2.3.4)
      activesupport (= 2.3.4)
    activeresource (2.3.4)
      activesupport (= 2.3.4)
    activesupport (2.3.4)
    acts_as_ferret (0.4.8.2)
      jk-ferret (>= 0.11.8)
    andand (1.3.1)
    aws-s3 (0.6.2)
      builder
      mime-types
      xml-simple
    builder (3.0.0)
    jk-ferret (0.11.8.2)
      rake
    mime-types (1.16)
    mislav-will_paginate (2.3.11)
    pg (0.9.0)
    rack (1.0.1)
    rails (2.3.4)
      actionmailer (= 2.3.4)
      actionpack (= 2.3.4)
      activerecord (= 2.3.4)
      activeresource (= 2.3.4)
      activesupport (= 2.3.4)
      rake (>= 0.8.3)
    rake (0.8.7)
    sqlite3-ruby (1.2.5)
    thoughtbot-paperclip (2.3.1)
    xml-simple (1.0.12)
    yfactorial-utility_scopes (0.2.3)
      activerecord (>= 2.1.0)

PLATFORMS
  ruby

DEPENDENCIES
  RedCloth
  aaronchi-jrails
  acts_as_ferret (= 0.4.8.2)
  andand
  aws-s3
  mislav-will_paginate
  pg (= 0.9.0)
  rails (= 2.3.4)
  sqlite3-ruby (= 1.2.5)
  thoughtbot-paperclip
  yfactorial-utility_scopes
