GEM
  remote: http://rubygems.org/
  specs:
    RedCloth (4.2.9)
    actionmailer (2.3.4)
      actionpack (= 2.3.4)
    actionpack (2.3.4)
      activesupport (= 2.3.4)
      rack (~> 1.0.0)
    activerecord (2.3.4)
      activesupport (= 2.3.4)
    activeresource (2.3.4)
      activesupport (= 2.3.4)
    activesupport (2.3.4)
    acts_as_ferret (0.4.8.2)
      jk-ferret (>= 0.11.8)
    andand (1.3.1)
    aws-s3 (0.6.2)
      builder
      mime-types
      xml-simple
    builder (3.0.0)
    cocaine (0.2.1)
    daemons (1.1.4)
    delayed_job (2.0.5)
      daemons
    ferret (0.11.8.1)
      rake
    hpricot (0.8.5)
    jk-ferret (0.11.8.3)
      rake
    jrails (0.6.0)
    mime-types (1.17.2)
    paperclip (2.4.5)
      activerecord (>= 2.3.0)
      activesupport (>= 2.3.2)
      cocaine (>= 0.0.2)
      mime-types
    rack (1.0.1)
    rails (2.3.4)
      actionmailer (= 2.3.4)
      actionpack (= 2.3.4)
      activerecord (= 2.3.4)
      activeresource (= 2.3.4)
      activesupport (= 2.3.4)
      rake (>= 0.8.3)
    rake (0.9.2.2)
    rdig (0.3.5)
      ferret (>= 0.10.0)
      hpricot (>= 0.6)
    rr (1.0.4)
    sqlite3-ruby (1.2.5)
    utility_scopes (0.3.1)
    will_paginate (3.0.2)
    xml-simple (1.1.1)

PLATFORMS
  ruby

DEPENDENCIES
  RedCloth
  acts_as_ferret (= 0.4.8.2)
  andand
  aws-s3
  delayed_job (= 2.0.5)
  ferret (= 0.11.8.1)
  jrails
  paperclip
  rails (= 2.3.4)
  rdig
  rr
  sqlite3-ruby (= 1.2.5)
  utility_scopes
  will_paginate
